PATH
  remote: .
  specs:
    raad (0.5.0)
      log4r (~> 1.1.10)

GEM
  remote: http://rubygems.org/
  specs:
    diff-lcs (1.3)
    log4r (1.1.10)
    rake (0.9.2.2)
    rspec (3.8.0)
      rspec-core (~> 3.8.0)
      rspec-expectations (~> 3.8.0)
      rspec-mocks (~> 3.8.0)
    rspec-core (3.8.0)
      rspec-support (~> 3.8.0)
    rspec-expectations (3.8.3)
      diff-lcs (>= 1.2.0, < 2.0)
      rspec-support (~> 3.8.0)
    rspec-mocks (3.8.0)
      diff-lcs (>= 1.2.0, < 2.0)
      rspec-support (~> 3.8.0)
    rspec-support (3.8.0)

PLATFORMS
  java
  ruby

DEPENDENCIES
  raad!
  rake (~> 0.9.2)
  rspec (~> 3.8.0)

BUNDLED WITH
   2.0.1
